GEM
  remote: https://rubygems.org/
  specs:
    benchmark-ips (2.12.0)
    benchmark_driver (0.16.3)
    bigdecimal (3.1.4)
    charty (0.2.12)
      matplotlib (>= 1.2.0)
      pandas (>= 0.3.5)
      playwright-ruby-client
      red-colors (>= 0.3.0)
      red-datasets (>= 0.1.2)
      red-palette (>= 0.5.0)
    concurrent-ruby (1.2.2)
    csv (3.2.6)
    enumerable-statistics (2.0.7)
    extpp (0.1.1)
    faker (3.2.0)
      i18n (>= 1.8.11, < 2)
    fiddle (1.1.1)
    gio2 (4.1.6)
      fiddle
      gobject-introspection (= 4.1.6)
    glib2 (4.1.6)
      native-package-installer (>= 1.0.3)
      pkg-config (>= 1.3.5)
    gobject-introspection (4.1.6)
      glib2 (= 4.1.6)
    i18n (1.13.0)
      concurrent-ruby (~> 1.0)
    io-console (0.6.0)
    irb (1.6.4)
      reline (>= 0.3.0)
    libui (0.0.15)
    matplotlib (1.3.0)
      pycall (>= 1.0.0)
    matrix (0.4.2)
    mime-types (3.4.1)
      mime-types-data (~> 3.2015)
    mime-types-data (3.2023.0218.1)
    native-package-installer (1.1.5)
    numo-narray (0.9.2.1)
    numpy (0.4.0)
      pycall (>= 1.2.0.beta1)
    pandas (0.3.8)
      numpy
      pycall (>= 1.0.0)
    pkg-config (1.5.1)
    playwright-ruby-client (1.33.0)
      concurrent-ruby (>= 1.1.6)
      mime-types (>= 3.0)
    pycall (1.4.2)
    red-amber-view (0.0.1)
      libui
      red-arrow
      red_amber
    red-arrow (12.0.0)
      bigdecimal (>= 3.1.0)
      extpp (>= 0.1.1)
      gio2 (>= 3.5.0)
      native-package-installer
      pkg-config
    red-arrow-numo-narray (0.0.6)
      numo-narray
      red-arrow
    red-colors (0.3.0)
      matrix
    red-datasets (0.1.6)
      csv (>= 3.2.4)
      rexml
      rubyzip
    red-datasets-arrow (0.0.3)
      red-arrow
      red-datasets (>= 0.0.3)
    red-palette (0.5.0)
      red-colors (>= 0.3.0)
    red-parquet (12.0.0)
      red-arrow (= 12.0.0)
    red_amber (0.5.0)
      red-arrow (~> 12.0.0)
    reline (0.3.4)
      io-console (~> 0.5)
    rexml (3.2.5)
    rover-df (0.3.4)
      numo-narray (>= 0.9.1.9)
    rubyzip (2.3.2)
    unicode_plot (0.0.5)
      enumerable-statistics (>= 2.0.1)

PLATFORMS
  x86_64-darwin-20

DEPENDENCIES
  benchmark-ips
  benchmark_driver
  charty
  faker
  irb
  matplotlib
  numo-narray
  pycall
  red-amber-view
  red-arrow (~> 12.0.0)
  red-arrow-numo-narray
  red-datasets
  red-datasets-arrow
  red-parquet (~> 12.0.0)
  red_amber
  rover-df
  unicode_plot

BUNDLED WITH
   2.4.12
